GEM
  remote: https://rubygems.org/
  specs:
    activesupport (4.2.5.1)
      i18n (~> 0.7)
      json (~> 1.7, >= 1.7.7)
      minitest (~> 5.1)
      thread_safe (~> 0.3, >= 0.3.4)
      tzinfo (~> 1.1)
    alexa_couchpotato (1.0.11)
      activesupport
      alexa_objects
      chronic
      httparty
      json
      numbers_in_words
      sinatra
    alexa_hue (1.0.1)
      activesupport
      alexa_objects
      chronic
      chronic_duration
      httparty
      json
      numbers_in_words
      sinatra
    alexa_objects (1.0.5)
    alexa_transmission (1.0.0)
      activesupport
      alexa_objects
      sinatra
      toname
      transmission_api
    chronic (0.10.2)
    chronic_duration (0.10.6)
      numerizer (~> 0.1.1)
    coderay (1.1.0)
    foreman (0.78.0)
      thor (~> 0.19.1)
    git-version-bump (0.15.1)
    httparty (0.9.0)
      multi_json (~> 1.0)
      multi_xml
    i18n (0.7.0)
    json (1.8.3)
    method_source (0.8.2)
    minitest (5.8.4)
    multi_json (1.11.2)
    multi_xml (0.5.5)
    numbers_in_words (0.4.0)
      activesupport
    numerizer (0.1.1)
    pry (0.10.3)
      coderay (~> 1.1.0)
      method_source (~> 0.8.1)
      slop (~> 3.4)
    rack (1.6.4)
    rack-contrib (1.4.0)
      git-version-bump (~> 0.15)
      rack (~> 1.4)
    rack-protection (1.5.3)
      rack
    rake (10.5.0)
    recursive-open-struct (1.0.1)
    sinatra (1.4.7)
      rack (~> 1.5)
      rack-protection (~> 1.4)
      tilt (>= 1.3, < 3)
    slop (3.6.0)
    thor (0.19.1)
    thread_safe (0.3.5)
    tilt (2.0.2)
    toname (0.1.2)
    transmission_api (0.0.7)
      httparty (= 0.9.0)
    tzinfo (1.2.2)
      thread_safe (~> 0.1)

PLATFORMS
  ruby

DEPENDENCIES
  alexa_couchpotato
  alexa_hue
  alexa_objects
  alexa_transmission
  foreman
  pry
  rack-contrib
  rake
  recursive-open-struct
  sinatra

BUNDLED WITH
   1.11.2
