GEM
  remote: https://rubygems.org/
  specs:
    alexa_objects (1.0.7)
      recursive-open-struct
    aws-sdk (2.5.1)
      aws-sdk-resources (= 2.5.1)
    aws-sdk-core (2.5.1)
      jmespath (~> 1.0)
    aws-sdk-resources (2.5.1)
      aws-sdk-core (= 2.5.1)
    backports (3.6.8)
    foreman (0.82.0)
      thor (~> 0.19.1)
    jmespath (1.3.1)
    multi_json (1.12.1)
    rack (1.6.4)
    rack-protection (1.5.3)
      rack
    rack-test (0.6.3)
      rack (>= 1.0)
    rake (11.2.2)
    recursive-open-struct (1.0.1)
    sinatra (1.4.7)
      rack (~> 1.5)
      rack-protection (~> 1.4)
      tilt (>= 1.3, < 3)
    sinatra-advanced-routes (0.5.3)
      sinatra (~> 1.0)
    sinatra-contrib (1.4.7)
      backports (>= 2.0)
      multi_json
      rack-protection
      rack-test
      sinatra (~> 1.4.0)
      tilt (>= 1.3, < 3)
    thor (0.19.1)
    tilt (2.0.5)

PLATFORMS
  ruby

DEPENDENCIES
  alexa_objects
  aws-sdk
  foreman
  rake
  recursive-open-struct
  sinatra
  sinatra-advanced-routes
  sinatra-contrib

BUNDLED WITH
   1.12.5
