GEM
  remote: https://rubygems.org/
  specs:
    activesupport (4.2.5.1)
      i18n (~> 0.7)
      json (~> 1.7, >= 1.7.7)
      minitest (~> 5.1)
      thread_safe (~> 0.3, >= 0.3.4)
      tzinfo (~> 1.1)
    alexa_couchpotato (1.0.10)
      activesupport
      alexa_objects
      chronic
      httparty
      json
      numbers_in_words
      sinatra
    alexa_hue (0.1.0)
      chronic
      chronic_duration
      httparty
      numbers_in_words
      sinatra
    alexa_objects (1.0.3)
    chronic (0.10.2)
    chronic_duration (0.10.6)
      numerizer (~> 0.1.1)
    foreman (0.78.0)
      thor (~> 0.19.1)
    httparty (0.13.7)
      json (~> 1.8)
      multi_xml (>= 0.5.2)
    i18n (0.7.0)
    json (1.8.3)
    minitest (5.8.4)
    multi_xml (0.5.5)
    numbers_in_words (0.4.0)
      activesupport
    numerizer (0.1.1)
    rack (1.6.4)
    rack-protection (1.5.3)
      rack
    sinatra (1.4.7)
      rack (~> 1.5)
      rack-protection (~> 1.4)
      tilt (>= 1.3, < 3)
    thor (0.19.1)
    thread_safe (0.3.5)
    tilt (2.0.2)
    tzinfo (1.2.2)
      thread_safe (~> 0.1)

PLATFORMS
  ruby

DEPENDENCIES
  alexa_couchpotato
  alexa_hue
  alexa_objects
  foreman
  sinatra

BUNDLED WITH
   1.10.6
